PATH
  remote: .
  specs:
    octocore (0.0.1)
      cequel (~> 1.9, >= 1.9.0)
      descriptive_statistics (~> 2.5.1, >= 2.5.0)
      hiredis (~> 0.6.1, >= 0.6.0)
      hooks (~> 0.4.1, >= 0.4.1)
      json (~> 1.8.1, >= 1.8.1)
      rake (~> 11.1.0, >= 11.1.0)
      redis (~> 3.2.2, >= 3.2.0)
      resque (~> 1.26.0, >= 1.26.0)
      resque-scheduler (~> 4.1.0, >= 4.1.0)
      statsd-ruby (~> 1.3.0, >= 1.3.0)

GEM
  remote: https://rubygems.org/
  specs:
    activemodel (4.2.6)
      activesupport (= 4.2.6)
      builder (~> 3.1)
    activesupport (4.2.6)
      i18n (~> 0.7)
      json (~> 1.7, >= 1.7.7)
      minitest (~> 5.1)
      thread_safe (~> 0.3, >= 0.3.4)
      tzinfo (~> 1.1)
    builder (3.2.2)
    cassandra-driver (2.1.6)
      ione (~> 1.2)
    cequel (1.9.0)
      activemodel (~> 4.0)
      cassandra-driver (~> 2.0)
    descriptive_statistics (2.5.1)
    diff-lcs (1.2.5)
    hiredis (0.6.1)
    hooks (0.4.1)
      uber (~> 0.0.14)
    i18n (0.7.0)
    ione (1.2.3)
    json (1.8.3)
    minitest (5.8.4)
    mono_logger (1.1.0)
    multi_json (1.11.3)
    parallel (1.8.0)
    parallel_tests (2.5.0)
      parallel
    rack (1.6.4)
    rack-protection (1.5.3)
      rack
    rake (11.1.2)
    redis (3.2.2)
    redis-namespace (1.5.2)
      redis (~> 3.0, >= 3.0.4)
    resque (1.26.0)
      mono_logger (~> 1.0)
      multi_json (~> 1.0)
      redis-namespace (~> 1.3)
      sinatra (>= 0.9.2)
      vegas (~> 0.1.2)
    resque-scheduler (4.1.0)
      mono_logger (~> 1.0)
      redis (~> 3.0)
      resque (~> 1.25)
      rufus-scheduler (~> 3.0)
    rspec (3.4.0)
      rspec-core (~> 3.4.0)
      rspec-expectations (~> 3.4.0)
      rspec-mocks (~> 3.4.0)
    rspec-core (3.4.4)
      rspec-support (~> 3.4.0)
    rspec-expectations (3.4.0)
      diff-lcs (>= 1.2.0, < 2.0)
      rspec-support (~> 3.4.0)
    rspec-mocks (3.4.1)
      diff-lcs (>= 1.2.0, < 2.0)
      rspec-support (~> 3.4.0)
    rspec-support (3.4.1)
    rufus-scheduler (3.2.0)
    sinatra (1.4.7)
      rack (~> 1.5)
      rack-protection (~> 1.4)
      tilt (>= 1.3, < 3)
    statsd-ruby (1.3.0)
    thread_safe (0.3.5)
    tilt (2.0.2)
    tzinfo (1.2.2)
      thread_safe (~> 0.1)
    uber (0.0.15)
    vegas (0.1.11)
      rack (>= 1.0.0)

PLATFORMS
  ruby

DEPENDENCIES
  octocore!
  parallel_tests (~> 2.5.0, >= 2.5.0)
  rspec (~> 3.4.0, >= 3.4.0)

BUNDLED WITH
   1.11.2
